GIT
  remote: https://github.com/merongivian/opal-audio
  revision: 3726e0ac892b02292e0870732cf1ee96135710ff
  specs:
    opal-audio (0.0.1)
      opal (>= 0.7.0, <= 0.9.0)
      opal-rspec (~> 0.5)

GIT
  remote: https://github.com/merongivian/opal-browser
  revision: 815348e913ea79d65044db4dee3bbeea87be763d
  specs:
    opal-browser (0.2.0)
      opal
      paggio

GIT
  remote: https://github.com/merongivian/opal-music
  revision: ca96a67df0b9c91e200ce9c904e94042728ce6e9
  specs:
    opal-music (0.0.1)
      opal (>= 0.7.0, <= 0.9.0)
      opal-audio
      opal-browser

GIT
  remote: https://github.com/voltrb/volt
  revision: f942b92385adbc894ee4a37903ee6a9c1a65e9a4
  specs:
    volt (0.9.7.pre1)
      bcrypt (~> 3.1.9)
      bundler (>= 1.5)
      concurrent-ruby (= 0.8.0)
      configurations (~> 2.0.0.pre)
      faye-websocket (~> 0.10.0)
      listen (~> 3.0.1)
      opal (>= 0.8.0, < 0.9)
      pry (~> 0.10.1)
      rack (~> 1.6.4)
      sass (~> 3.4.15)
      sprockets-helpers (~> 1.2.1)
      thor (~> 0.19.0)

GEM
  remote: https://rubygems.org/
  specs:
    archive-zip (0.7.0)
      io-like (~> 0.3.0)
    bcrypt (3.1.11)
    bson (3.2.6)
    capybara (2.4.4)
      mime-types (>= 1.16)
      nokogiri (>= 1.3.3)
      rack (>= 1.0.0)
      rack-test (>= 0.5.4)
      xpath (~> 2.0)
    childprocess (0.5.8)
      ffi (~> 1.0, >= 1.0.11)
    chromedriver-helper (1.0.0)
      archive-zip (~> 0.7.0)
      nokogiri (~> 1.6)
    cliver (0.3.2)
    coderay (1.1.1)
    concurrent-ruby (0.8.0)
      ref (~> 1.0, >= 1.0.5)
    concurrent-ruby-ext (0.8.0)
      concurrent-ruby (~> 0.8.0)
    configurations (2.0.0)
    csso-rails (0.3.4)
      execjs (>= 1)
    daemons (1.2.3)
    diff-lcs (1.2.5)
    eventmachine (1.0.8)
    execjs (2.6.0)
    exifr (1.2.3.1)
    faye-websocket (0.10.4)
      eventmachine (>= 0.12.0)
      websocket-driver (>= 0.5.1)
    ffi (1.9.10)
    fspath (2.1.1)
    hike (1.2.3)
    image_optim (0.22.0)
      exifr (~> 1.2, >= 1.2.2)
      fspath (~> 2.1)
      image_size (~> 1.3)
      in_threads (~> 1.3)
      progress (~> 3.0, >= 3.0.1)
    image_optim_pack (0.2.1.20151113)
      fspath (~> 2.1)
      image_optim (~> 0.19)
    image_size (1.4.1)
    in_threads (1.3.1)
    io-like (0.3.0)
    json (1.8.3)
    listen (3.0.8)
      rb-fsevent (~> 0.9, >= 0.9.4)
      rb-inotify (~> 0.9, >= 0.9.7)
    mail (2.6.3)
      mime-types (>= 1.16, < 3)
    method_source (0.8.2)
    mime-types (2.99)
    mini_portile2 (2.0.0)
    mongo (2.1.2)
      bson (~> 3.0)
    multi_json (1.11.2)
    nokogiri (1.6.7)
      mini_portile2 (~> 2.0.0.rc2)
    opal (0.8.1)
      hike (~> 1.2)
      sourcemap (~> 0.1.0)
      sprockets (~> 3.1)
      tilt (>= 1.4)
    opal-rspec (0.5.0)
      opal (>= 0.8.0, < 0.10)
    paggio (0.2.6)
    poltergeist (1.6.0)
      capybara (~> 2.1)
      cliver (~> 0.3.1)
      multi_json (~> 1.0)
      websocket-driver (>= 0.2.0)
    pony (1.11)
      mail (>= 2.0)
    progress (3.1.0)
    pry (0.10.4)
      coderay (~> 1.1.0)
      method_source (~> 0.8.1)
      slop (~> 3.4)
    rack (1.6.4)
    rack-test (0.6.3)
      rack (>= 1.0)
    rb-fsevent (0.9.7)
    rb-inotify (0.9.7)
      ffi (>= 0.5.0)
    rbnacl (3.2.0)
      ffi
    rbnacl-libsodium (1.0.7)
      rbnacl (~> 3.0, >= 3.0.1)
    ref (1.0.5)
    rspec (3.2.0)
      rspec-core (~> 3.2.0)
      rspec-expectations (~> 3.2.0)
      rspec-mocks (~> 3.2.0)
    rspec-core (3.2.3)
      rspec-support (~> 3.2.0)
    rspec-expectations (3.2.1)
      diff-lcs (>= 1.2.0, < 2.0)
      rspec-support (~> 3.2.0)
    rspec-mocks (3.2.1)
      diff-lcs (>= 1.2.0, < 2.0)
      rspec-support (~> 3.2.0)
    rspec-support (3.2.2)
    rubyzip (1.1.7)
    sass (3.4.22)
    selenium-webdriver (2.47.1)
      childprocess (~> 0.5)
      multi_json (~> 1.0)
      rubyzip (~> 1.0)
      websocket (~> 1.0)
    slop (3.6.0)
    sourcemap (0.1.1)
    sprockets (3.4.1)
      rack (> 1, < 3)
    sprockets-helpers (1.2.1)
      sprockets (>= 2.2)
    thin (1.6.4)
      daemons (~> 1.0, >= 1.0.9)
      eventmachine (~> 1.0, >= 1.0.4)
      rack (~> 1.0)
    thor (0.19.1)
    tilt (2.0.1)
    uglifier (2.7.2)
      execjs (>= 0.3.0)
      json (>= 1.8.0)
    volt-bootstrap (0.1.0)
    volt-bootstrap_jumbotron_theme (0.1.0)
    volt-fields (0.1.3)
    volt-mailer (0.1.2)
      pony (~> 1.11)
    volt-mongo (0.2.0)
      mongo (~> 2.1.2)
    volt-user_templates (0.4.0)
      volt-fields (~> 0.1.0)
      volt-mailer (~> 0.1.0)
    websocket (1.2.2)
    websocket-driver (0.6.3)
      websocket-extensions (>= 0.1.0)
    websocket-extensions (0.1.2)
    xpath (2.0.0)
      nokogiri (~> 1.3)

PLATFORMS
  ruby

DEPENDENCIES
  capybara (~> 2.4.4)
  chromedriver-helper (~> 1.0.0)
  concurrent-ruby-ext (~> 0.8.0)
  csso-rails (~> 0.3.4)
  image_optim
  image_optim_pack
  opal-audio!
  opal-browser!
  opal-music!
  opal-rspec (~> 0.5)
  poltergeist (~> 1.6.0)
  rbnacl
  rbnacl-libsodium
  rspec (~> 3.2.0)
  selenium-webdriver (~> 2.47.1)
  thin (~> 1.6.0)
  uglifier (>= 2.4.0)
  volt!
  volt-bootstrap (~> 0.1.0)
  volt-bootstrap_jumbotron_theme (~> 0.1.0)
  volt-mailer (~> 0.1.1)
  volt-mongo (~> 0.2.0)
  volt-user_templates (~> 0.4.0)

RUBY VERSION
   ruby 2.1.2p95

BUNDLED WITH
   1.14.3
